GEM
  remote: https://rubygems.org/
  specs:
    benchmark-ips (2.6.1)
    byebug (9.0.5)
    mini_portile2 (2.1.0)
    nokogiri (1.6.8)
      mini_portile2 (~> 2.1.0)
      pkg-config (~> 1.1.7)
    pkg-config (1.1.7)

PLATFORMS
  ruby

DEPENDENCIES
  benchmark-ips
  byebug
  nokogiri

BUNDLED WITH
   1.12.5
